GEM
  remote: https://rubygems.org/
  specs:
    actionmailer (3.2.22.4)
      actionpack (= 3.2.22.4)
      mail (~> 2.5.4)
    actionpack (3.2.22.4)
      activemodel (= 3.2.22.4)
      activesupport (= 3.2.22.4)
      builder (~> 3.0.0)
      erubis (~> 2.7.0)
      journey (~> 1.0.4)
      rack (~> 1.4.5)
      rack-cache (~> 1.2)
      rack-test (~> 0.6.1)
      sprockets (~> 2.2.1)
    activemodel (3.2.22.4)
      activesupport (= 3.2.22.4)
      builder (~> 3.0.0)
    activerecord (3.2.22.4)
      activemodel (= 3.2.22.4)
      activesupport (= 3.2.22.4)
      arel (~> 3.0.2)
      tzinfo (~> 0.3.29)
    activeresource (3.2.22.4)
      activemodel (= 3.2.22.4)
      activesupport (= 3.2.22.4)
    activesupport (3.2.22.4)
      i18n (~> 0.6, >= 0.6.4)
      multi_json (~> 1.0)
    algorithms (0.6.1)
    arel (3.0.3)
    builder (3.0.4)
    coffee-rails (3.2.2)
      coffee-script (>= 2.2.0)
      railties (~> 3.2.0)
    coffee-script (2.4.1)
      coffee-script-source
      execjs
    coffee-script-source (1.12.2)
    concurrent-ruby (1.0.2)
    connection_pool (2.2.0)
    erubis (2.7.0)
    execjs (2.7.0)
    hike (1.2.3)
    hiredis (0.6.1)
    i18n (0.7.0)
    journey (1.0.4)
    jquery-rails (3.1.4)
      railties (>= 3.0, < 5.0)
      thor (>= 0.14, < 2.0)
    json (1.8.3)
    mail (2.5.4)
      mime-types (~> 1.16)
      treetop (~> 1.4.8)
    mime-types (1.25.1)
    multi_json (1.12.1)
    polyglot (0.3.5)
    power_assert (0.2.2)
    rack (1.4.7)
    rack-cache (1.6.1)
      rack (>= 0.4)
    rack-protection (1.5.3)
      rack
    rack-ssl (1.3.4)
      rack
    rack-test (0.6.3)
      rack (>= 1.0)
    rails (3.2.22.4)
      actionmailer (= 3.2.22.4)
      actionpack (= 3.2.22.4)
      activerecord (= 3.2.22.4)
      activeresource (= 3.2.22.4)
      activesupport (= 3.2.22.4)
      bundler (~> 1.0)
      railties (= 3.2.22.4)
    railties (3.2.22.4)
      actionpack (= 3.2.22.4)
      activesupport (= 3.2.22.4)
      rack-ssl (~> 1.3.2)
      rake (>= 0.8.7)
      rdoc (~> 3.4)
      thor (>= 0.14.6, < 2.0)
    rake (12.0.0)
    rdoc (3.12.2)
      json (~> 1.4)
    redis (3.3.1)
    redis-namespace (1.5.2)
      redis (~> 3.0, >= 3.0.4)
    redis-semaphore (0.3.1)
      redis
    sass (3.4.23)
    sass-rails (3.2.6)
      railties (~> 3.2.0)
      sass (>= 3.1.10)
      tilt (~> 1.3)
    sidekiq (4.1.3)
      concurrent-ruby (~> 1.0)
      connection_pool (~> 2.2, >= 2.2.0)
      redis (~> 3.2, >= 3.2.1)
      sinatra (~> 1.4, >= 1.4.6)
    sidekiq-ent (1.3.2)
      algorithms
      sidekiq (~> 4, >= 4.0.2)
      sidekiq-pro (~> 3, >= 3.0.1)
    sidekiq-pro (3.3.2)
      sidekiq (>= 4.0.0)
    sinatra (1.4.6)
      rack (~> 1.4)
      rack-protection (~> 1.4)
      tilt (>= 1.3, < 3)
    sprockets (2.2.3)
      hike (~> 1.2)
      multi_json (~> 1.0)
      rack (~> 1.0)
      tilt (~> 1.1, != 1.3.0)
    sqlite3 (1.3.13)
    test-unit (3.0.8)
      power_assert
    thor (0.19.4)
    tilt (1.4.1)
    treetop (1.4.15)
      polyglot
      polyglot (>= 0.3.1)
    tzinfo (0.3.52)
    uglifier (3.0.4)
      execjs (>= 0.3.0, < 3)

PLATFORMS
  ruby

DEPENDENCIES
  coffee-rails (~> 3.2.1)
  connection_pool
  hiredis
  jquery-rails
  rails (= 3.2.22.4)
  redis
  redis-namespace
  redis-semaphore
  sass-rails (~> 3.2.3)
  sidekiq-ent
  sinatra (>= 1.3.0)
  sqlite3
  test-unit (~> 3.0)
  uglifier (>= 1.0.3)

BUNDLED WITH
   1.13.6
